GEM
  remote: https://rubygems.org/
  specs:
    active_model_serializers (0.8.1)
      activemodel (>= 3.0)
    activemodel (4.0.5)
      activesupport (= 4.0.5)
      builder (~> 3.1.0)
    activesupport (4.0.5)
      i18n (~> 0.6, >= 0.6.9)
      minitest (~> 4.2)
      multi_json (~> 1.3)
      thread_safe (~> 0.1)
      tzinfo (~> 0.3.37)
    bson (1.11.1)
    builder (3.1.4)
    daemons (1.1.9)
    eventmachine (1.0.3)
    facets (2.9.3)
    fattr (2.2.2)
    i18n (0.6.11)
    mharris_ext (1.7.1)
      facets
      fattr
    minitest (4.7.5)
    mongo (1.11.1)
      bson (= 1.11.1)
    multi_json (1.10.1)
    rack (1.5.2)
    rack-protection (1.5.3)
      rack
    sinatra (1.4.5)
      rack (~> 1.4)
      rack-protection (~> 1.4)
      tilt (~> 1.3, >= 1.3.4)
    thin (1.6.2)
      daemons (>= 1.0.9)
      eventmachine (>= 1.0.0)
      rack (>= 1.0.0)
    thread_safe (0.3.4)
    tilt (1.4.1)
    tzinfo (0.3.41)

PLATFORMS
  ruby

DEPENDENCIES
  active_model_serializers
  mharris_ext
  mongo (= 1.11.1)
  sinatra
  thin
